GEM
  remote: https://rubygems.org/
  specs:
    html2markdown (0.0.3)
      nokogiri
    json (1.8.1)
    mini_portile (0.5.2)
    nokogiri (1.6.1)
      mini_portile (~> 0.5.0)

PLATFORMS
  ruby

DEPENDENCIES
  html2markdown
  json
